PATH
  remote: .
  specs:
    action_mailer_interceptor (0.1.0)

GEM
  remote: https://rubygems.org/
  specs:
    diff-lcs (1.5.0)
    rake (12.3.3)
    rspec (3.11.0)
      rspec-core (~> 3.11.0)
      rspec-expectations (~> 3.11.0)
      rspec-mocks (~> 3.11.0)
    rspec-core (3.11.0)
      rspec-support (~> 3.11.0)
    rspec-expectations (3.11.1)
      diff-lcs (>= 1.2.0, < 2.0)
      rspec-support (~> 3.11.0)
    rspec-mocks (3.11.1)
      diff-lcs (>= 1.2.0, < 2.0)
      rspec-support (~> 3.11.0)
    rspec-support (3.11.1)

PLATFORMS
  arm64-darwin-21

DEPENDENCIES
  action_mailer_interceptor!
  rake (~> 12.0)
  rspec (~> 3.0)

BUNDLED WITH
   2.3.4
